GEM
  remote: https://rubygems.org/
  specs:
    pandoc_binary (3.1.1)

PLATFORMS
  arm64-darwin-23
  ruby

DEPENDENCIES
  pandoc_binary

RUBY VERSION
   ruby 3.4.4p34

BUNDLED WITH
   2.6.9
